GEM
  remote: https://rubygems.org/
  specs:
    benchmark (0.2.0)

PLATFORMS
  x86_64-linux

DEPENDENCIES
  benchmark

BUNDLED WITH
   2.2.29
